GEM
  remote: https://rubygems.org/
  specs:
    anystyle (1.3.3)
      anystyle-data (~> 1.2)
      bibtex-ruby (~> 4.0)
      namae (~> 1.0)
      wapiti (~> 1.0, >= 1.0.2)
    anystyle-cli (1.2.0)
      anystyle (~> 1.3)
      bibtex-ruby (~> 4.4)
      gli (~> 2.17)
    anystyle-data (1.2.0)
    bibtex-ruby (4.4.7)
      latex-decode (~> 0.0)
    builder (3.2.3)
    gli (2.18.0)
    latex-decode (0.3.1)
    namae (1.0.1)
    rack (2.0.7)
    sinatra (1.0)
      rack (>= 1.0)
    wapiti (1.0.5)
      builder (~> 3.2)

PLATFORMS
  ruby

DEPENDENCIES
  anystyle-cli
  sinatra (= 1.0)

BUNDLED WITH
   1.17.3
